PATH
  remote: .
  specs:
    slascii (0.1.1)

GEM
  remote: https://rubygems.org/
  specs:
    coderay (1.1.1)
    method_source (0.8.2)
    mini_magick (4.7.0)
    pry (0.10.4)
      coderay (~> 1.1.0)
      method_source (~> 0.8.1)
      slop (~> 3.4)
    rake (10.4.2)
    slop (3.6.0)

PLATFORMS
  ruby

DEPENDENCIES
  bundler (~> 1.15)
  mini_magick (~> 4.7)
  pry (~> 0.1)
  rake (~> 10.0)
  slascii!

BUNDLED WITH
   1.15.1
